GEM
  remote: https://rubygems.org/
  specs:
    CFPropertyList (2.3.6)
    activesupport (7.0.7.2)
      concurrent-ruby (~> 1.0, >= 1.0.2)
      i18n (>= 1.6, < 2)
      minitest (>= 5.1)
      tzinfo (~> 2.0)
    addressable (2.8.5)
      public_suffix (>= 2.0.2, < 6.0)
    aliyun-sdk (0.8.0)
      nokogiri (~> 1.6)
      rest-client (~> 2.0)
    builder (3.2.4)
    concurrent-ruby (1.2.2)
    declarative (0.0.20)
    domain_name (0.5.20190701)
      unf (>= 0.0.5, < 1.0.0)
    dry-inflector (1.0.0)
    excon (0.102.0)
    faraday (2.7.10)
      faraday-net_http (>= 2.0, < 3.1)
      ruby2_keywords (>= 0.0.4)
    faraday-net_http (3.0.2)
    fission (0.5.0)
      CFPropertyList (~> 2.2)
    fog (2.3.0)
      fog-aliyun (>= 0.1.0)
      fog-atmos
      fog-aws (>= 0.6.0)
      fog-brightbox (>= 0.4, < 2.0)
      fog-cloudatcost (~> 0.4)
      fog-cloudstack (~> 0.1.0)
      fog-core (~> 2.1)
      fog-digitalocean (>= 0.3.0)
      fog-dnsimple (~> 2.1)
      fog-dynect (>= 0.0.2, < 0.6.0)
      fog-ecloud (~> 0.1)
      fog-google (~> 1.0)
      fog-internet-archive
      fog-json
      fog-local
      fog-openstack
      fog-ovirt
      fog-powerdns (>= 0.1.1)
      fog-profitbricks
      fog-rackspace
      fog-radosgw (>= 0.0.2)
      fog-riakcs
      fog-sakuracloud (>= 0.0.4)
      fog-serverlove
      fog-softlayer
      fog-storm_on_demand
      fog-terremark
      fog-vmfusion
      fog-voxel
      fog-vsphere (>= 0.4.0)
      fog-xenserver
      fog-xml (~> 0.1.1)
      ipaddress (~> 0.5)
      json (~> 2.3)
    fog-aliyun (0.4.0)
      addressable (~> 2.8.0)
      aliyun-sdk (~> 0.8.0)
      fog-core
      fog-json
      ipaddress (~> 0.8)
      xml-simple (~> 1.1)
    fog-atmos (0.1.0)
      fog-core
      fog-xml
    fog-aws (3.19.0)
      fog-core (~> 2.1)
      fog-json (~> 1.1)
      fog-xml (~> 0.1)
    fog-brightbox (1.11.0)
      dry-inflector
      fog-core (>= 1.45, < 3.0)
      fog-json
    fog-cloudatcost (0.4.0)
      fog-core
      fog-json
      ipaddress
    fog-cloudstack (0.1.0)
      fog-core (~> 2.1)
      fog-json (~> 1.1)
      fog-xml (~> 0.1)
    fog-core (2.2.4)
      builder
      excon (~> 0.71)
      formatador (~> 0.2)
      mime-types
    fog-digitalocean (0.4.0)
      fog-core
      fog-json
      fog-xml
      ipaddress (>= 0.5)
    fog-dnsimple (2.1.0)
      fog-core (>= 1.38, < 3)
      fog-json
    fog-dynect (0.5.0)
      fog-core
      fog-json
      fog-xml
    fog-ecloud (0.3.0)
      fog-core
      fog-xml
    fog-google (1.22.0)
      addressable (>= 2.7.0)
      fog-core (< 2.3)
      fog-json (~> 1.2)
      fog-xml (~> 0.1.0)
      google-apis-compute_v1 (~> 0.53)
      google-apis-dns_v1 (~> 0.28)
      google-apis-iamcredentials_v1 (~> 0.15)
      google-apis-monitoring_v3 (~> 0.37)
      google-apis-pubsub_v1 (~> 0.30)
      google-apis-sqladmin_v1beta4 (~> 0.38)
      google-apis-storage_v1 (>= 0.19, < 1)
      google-cloud-env (~> 1.2)
    fog-internet-archive (0.0.2)
      fog-core
      fog-json
      fog-xml
    fog-json (1.2.0)
      fog-core
      multi_json (~> 1.10)
    fog-local (0.8.0)
      fog-core (>= 1.27, < 3.0)
    fog-openstack (1.1.0)
      fog-core (~> 2.1)
      fog-json (>= 1.0)
    fog-ovirt (2.0.2)
      activesupport
      fog-core
      fog-json
      fog-xml
      ovirt-engine-sdk (>= 4.3.1)
    fog-powerdns (0.2.0)
      fog-core
      fog-json
      fog-xml
    fog-profitbricks (0.0.5)
      fog-core
      fog-xml
      nokogiri
    fog-rackspace (0.1.6)
      fog-core (>= 1.35)
      fog-json (>= 1.0)
      fog-xml (>= 0.1)
      ipaddress (>= 0.8)
    fog-radosgw (0.0.5)
      fog-core (>= 1.21.0)
      fog-json
      fog-xml (>= 0.0.1)
    fog-riakcs (0.1.0)
      fog-core
      fog-json
      fog-xml
    fog-sakuracloud (1.7.5)
      fog-core
      fog-json
    fog-serverlove (0.1.2)
      fog-core
      fog-json
    fog-softlayer (1.1.4)
      fog-core
      fog-json
    fog-storm_on_demand (0.1.1)
      fog-core
      fog-json
    fog-terremark (0.1.0)
      fog-core
      fog-xml
    fog-vmfusion (0.1.0)
      fission
      fog-core
    fog-voxel (0.1.0)
      fog-core
      fog-xml
    fog-vsphere (3.6.2)
      fog-core
      rbvmomi2 (~> 3.0)
    fog-xenserver (1.0.0)
      fog-core
      fog-xml
      xmlrpc
    fog-xml (0.1.4)
      fog-core
      nokogiri (>= 1.5.11, < 2.0.0)
    formatador (0.3.0)
    google-apis-compute_v1 (0.76.0)
      google-apis-core (>= 0.11.0, < 2.a)
    google-apis-core (0.11.1)
      addressable (~> 2.5, >= 2.5.1)
      googleauth (>= 0.16.2, < 2.a)
      httpclient (>= 2.8.1, < 3.a)
      mini_mime (~> 1.0)
      representable (~> 3.0)
      retriable (>= 2.0, < 4.a)
      rexml
      webrick
    google-apis-dns_v1 (0.32.0)
      google-apis-core (>= 0.11.0, < 2.a)
    google-apis-iamcredentials_v1 (0.17.0)
      google-apis-core (>= 0.11.0, < 2.a)
    google-apis-monitoring_v3 (0.49.0)
      google-apis-core (>= 0.11.0, < 2.a)
    google-apis-pubsub_v1 (0.41.0)
      google-apis-core (>= 0.11.0, < 2.a)
    google-apis-sqladmin_v1beta4 (0.54.0)
      google-apis-core (>= 0.11.0, < 2.a)
    google-apis-storage_v1 (0.24.0)
      google-apis-core (>= 0.11.0, < 2.a)
    google-cloud-env (1.6.0)
      faraday (>= 0.17.3, < 3.0)
    googleauth (1.7.0)
      faraday (>= 0.17.3, < 3.a)
      jwt (>= 1.4, < 3.0)
      memoist (~> 0.16)
      multi_json (~> 1.11)
      os (>= 0.9, < 2.0)
      signet (>= 0.16, < 2.a)
    http-accept (1.7.0)
    http-cookie (1.0.5)
      domain_name (~> 0.5)
    httpclient (2.8.3)
    i18n (1.14.1)
      concurrent-ruby (~> 1.0)
    ipaddress (0.8.3)
    json (2.6.3)
    jwt (2.7.1)
    memoist (0.16.2)
    mime-types (1.16)
    mini_mime (1.1.5)
    mini_portile2 (2.8.4)
    minitest (5.19.0)
    multi_json (1.15.0)
    netrc (0.11.0)
    nokogiri (1.15.4)
      mini_portile2 (~> 2.8.2)
      racc (~> 1.4)
    optimist (3.1.0)
    os (1.1.4)
    ovirt-engine-sdk (4.4.1)
      json (>= 1, < 3)
    public_suffix (5.0.3)
    racc (1.7.1)
    rake (0.9.2)
    rbvmomi2 (3.6.1)
      builder (~> 3.2)
      json (~> 2.3)
      nokogiri (~> 1.12, >= 1.12.5)
      optimist (~> 3.0)
    representable (3.2.0)
      declarative (< 0.1.0)
      trailblazer-option (>= 0.1.1, < 0.2.0)
      uber (< 0.2.0)
    rest-client (2.1.0)
      http-accept (>= 1.7.0, < 2.0)
      http-cookie (>= 1.0.2, < 2.0)
      mime-types (>= 1.16, < 4.0)
      netrc (~> 0.8)
    retriable (3.1.2)
    rexml (3.2.6)
    ruby2_keywords (0.0.5)
    signet (0.17.0)
      addressable (~> 2.8)
      faraday (>= 0.17.5, < 3.a)
      jwt (>= 1.5, < 3.0)
      multi_json (~> 1.10)
    trailblazer-option (0.1.2)
    tzinfo (2.0.6)
      concurrent-ruby (~> 1.0)
    uber (0.1.0)
    unf (0.1.4)
      unf_ext
    unf_ext (0.0.8.2)
    webrick (1.8.1)
    xml-simple (1.1.9)
      rexml
    xmlrpc (0.3.3)
      webrick

PLATFORMS
  ruby

DEPENDENCIES
  fog
  mime-types
  nokogiri
  rake
